PATH
  remote: .
  specs:
    beagle (0.1.0)
      rspec-core (~> 2.0.0)

GEM
  remote: http://rubygems.org/
  specs:
    rake (0.8.7)
    rspec-core (2.0.1)

PLATFORMS
  ruby

DEPENDENCIES
  beagle!
  rake (~> 0.8.7)
  rspec-core (~> 2.0.0)
